GEM
  remote: https://rubygems.org/
  specs:
    braintree (2.100.0)
      builder (>= 2.0.0)
    builder (3.2.4)
    rack (1.6.11)
    rack-protection (1.5.5)
      rack
    sinatra (1.4.8)
      rack (~> 1.5)
      rack-protection (~> 1.4)
      tilt (>= 1.3, < 3)
    tilt (2.0.7)

PLATFORMS
  ruby

DEPENDENCIES
  braintree (~> 2.100.0)
  sinatra

BUNDLED WITH
   1.16.1
