GEM
  remote: https://rubygems.org/
  specs:
    braintree (2.100.0)
      builder (>= 2.0.0)
    builder (3.2.4)
    mustermann (2.0.2)
      ruby2_keywords (~> 0.0.1)
    rack (2.2.4)
    rack-protection (2.2.3)
      rack
    ruby2_keywords (0.0.5)
    sinatra (2.2.3)
      mustermann (~> 2.0)
      rack (~> 2.2)
      rack-protection (= 2.2.3)
      tilt (~> 2.0)
    tilt (2.0.11)

PLATFORMS
  ruby

DEPENDENCIES
  braintree (~> 2.100.0)
  sinatra

BUNDLED WITH
   1.16.1
