GEM
  remote: https://rubygems.org/
  specs:
    braintree (2.74.0)
      builder (>= 2.0.0)
    builder (3.2.3)
    rack (1.6.5)
    rack-protection (1.5.3)
      rack
    sinatra (1.4.8)
      rack (~> 1.5)
      rack-protection (~> 1.4)
      tilt (>= 1.3, < 3)
    tilt (2.0.7)

PLATFORMS
  ruby

DEPENDENCIES
  braintree
  sinatra

BUNDLED WITH
   1.13.7
